GEM
  remote: https://rubygems.org/
  specs:
    bson (1.12.0)
    bson_ext (1.12.0)
      bson (~> 1.12.0)
    mongo (1.12.0)
      bson (= 1.12.0)
    mongodb (2.1.0)
      mongo (~> 1.5)

PLATFORMS
  ruby

DEPENDENCIES
  bson (= 1.12.0)
  bson_ext (= 1.12.0)
  mongo (= 1.12.0)
  mongodb (= 2.1.0)
